GEM
  remote: https://rubygems.org/
  specs:
    minitest (5.11.3)
    ruby2d (0.9.4)

PLATFORMS
  ruby

DEPENDENCIES
  minitest (~> 5)
  ruby2d (~> 0.9.4)

BUNDLED WITH
   1.17.3
